GEM
  remote: https://rubygems.org/
  specs:
    ansi (1.5.0)
    ast (2.3.0)
    builder (3.2.2)
    docile (1.1.5)
    json (2.0.2)
    metaclass (0.0.4)
    minitest (5.9.1)
    minitest-reporters (1.1.11)
      ansi
      builder
      minitest (>= 5.0)
      ruby-progressbar
    mocha (1.2.1)
      metaclass (~> 0.0.1)
    parser (2.3.2.0)
      ast (~> 2.2)
    powerpack (0.1.1)
    rainbow (2.1.0)
    rake (11.3.0)
    rubocop (0.44.1)
      parser (>= 2.3.1.1, < 3.0)
      powerpack (~> 0.1)
      rainbow (>= 1.99.1, < 3.0)
      ruby-progressbar (~> 1.7)
      unicode-display_width (~> 1.0, >= 1.0.1)
    ruby-progressbar (1.8.1)
    simplecov (0.12.0)
      docile (~> 1.1.0)
      json (>= 1.8, < 3)
      simplecov-html (~> 0.10.0)
    simplecov-html (0.10.0)
    unicode-display_width (1.1.1)

PLATFORMS
  ruby

DEPENDENCIES
  minitest (= 5.9.1)
  minitest-reporters (= 1.1.11)
  mocha (= 1.2.1)
  rake (= 11.3.0)
  rubocop (= 0.44.1)
  simplecov (= 0.12.0)

RUBY VERSION
   ruby 2.3.3p222

BUNDLED WITH
   1.13.6
